PATH
  remote: .
  specs:
    rake_text (0.0.1)
      ruby-stemmer

GEM
  remote: https://rubygems.org/
  specs:
    ruby-stemmer (0.9.6)

PLATFORMS
  ruby

DEPENDENCIES
  rake_text!

BUNDLED WITH
   1.16.0
